GEM
  remote: https://rubygems.org/
  specs:
    minitest (5.17.0)
    ruby2d (0.12.1)

PLATFORMS
  arm64-darwin-20

DEPENDENCIES
  minitest (~> 5.17)
  ruby2d (~> 0.12.1)

RUBY VERSION
   ruby 3.1.1p18

BUNDLED WITH
   2.4.6
